##TITLE=  XMASS Parameter file
##JCAMPDX=  5.0
##DATATYPE=  CONTINUOUS MASS SPECTRUM
##ORIGIN=  XMASS, Bruker-Daltonics (USA) and Bruker-Daltonik (GER)
##OWNER=  TOF User
##SPECTROMETER/DATASYSTEM=  Bruker Flex Series
##.SPECTROMETER TYPE=  TOF
##.INLET=  DIRECT
##.IONIZATION MODE=  LD+
##$ACQMID= 0 
##$ACQVSMA= 3 
##$ACQVSMI= 0 
##$ADC= 1 
##$ANT= no 
##$AOfs= 1.3 
##$AQOP_m= 0 
##$AQ_mod= 1 
##$ATTEN= 69.814812 
##$AccE= 20000 
##$AccE_is= 0 
##$AppTyp= 0 
##$BYTORDA= 0 
##$CIDOn= no 
##$CTOF= 0 
##$Calmet= 1 
##$CapEnt= -4000 
##$CapExit= 0 
##$CapHtr= 0 
##$Corona= 0 
##$Cycle= 100 
##$Cyl= 0 
##$DATE= 0 
##$DCOff1= 0 
##$DComp= no 
##$DE= 625 
##$DELAY= 19634 
##$DIGTYP= 19 
##$DPCAL1= 0 
##$DR_end= 6 
##$DR_set= 12 
##$DR_strt= 12 
##$DS= 0 
##$DTATYPE= 0 
##$DW= 2 
##$DataTyp= 0 
##$DefDly= 0 
##$DeflOff= 30 
##$DigDep= 8 
##$DigTrig= 100 
##$DryFlow= 0 
##$DrySW= 0 
##$DryTemp= 150 
##$EOSTime= 0.92799997 
##$EndP= -3500 
##$Enhance= no 
##$EsiMode= 0 
##$Extract= 0 
##$FASTON= no 
##$FOV= 20 
##$FPCAL1= 1 
##$FPCAL2= 0 
##$FPCAL3= 0 
##$FPMASS= 2466.7 
##$FPON= no 
##$FPSHIFT= 0 
##$FW= 2500 
##$Flatlin= no 
##$FpWinHi= 0 
##$FpWinLo= 0 
##$GDEDLY= 0 
##$GDEON= yes 
##$GDETime= 0 
##$GSpotId= 0 
##$GSpotno= 0 
##$GatStr= 0 
##$Gate= 100 
##$HITURBO= no 
##$HPCML3= 0 
##$HPClBHi= 0 
##$HPClBLo= 0 
##$HPClOrd= 0 
##$HPClUse= no 
##$Hpcgc0= 0 
##$Hpcgc2= 0 
##$IS2BNDV= 0 
##$ISD= no 
##$InstTyp= 9 
##$IsCalib= no 
##$LASP= 1 
##$LBNDVAL= 0 
##$LINDIS= 0 
##$LLNSBND= no 
##$LasFoc= -1 
##$LftHV1= 0 
##$LftHV2= 0 
##$Lift1= 0 
##$Lift2= 0 
##$MC2= 4 
##$ML1= 5399308.43132565 
##$ML1_raw= 5399308.43132565 
##$ML2= 417.068833806938 
##$ML2_raw= 417.068833806938 
##$ML3= -0.0141687138206931 
##$ML3_raw= -0.0141687138206931 
##$MSupMz= 0 
##$MW_low= 15 
##$MapMode= 0 
##$Masserr= 128.65485 
##$MatSup= 0 
##$NBL= 1 
##$NC= 0 
##$NS= 16 
##$NSdigit= 1 
##$NebFlow= 0 
##$NebSW= 0 
##$NebTemp= 30 
##$NoSHOTS= 120 
##$OFFSET= 1000 
##$PAPS= 0 
##$PIEDLY= 130 
##$POLARI= 1 
##$PR= 1 
##$PULSER= 10 
##$PULSREP= 10000 
##$Parent= 1000 
##$RBNDVAL= 0 
##$REPHZ= 60 
##$RFAmp= 600 
##$RFFreq= 5 
##$RG= 1 
##$RLNSBND= no 
##$RTSmoo= 0 
##$Realign= 0 
##$Ref2= 0 
##$RefFull= 0 
##$ReflE= 0 
##$Repel= 20 
##$RetTime= 0 
##$RunDId= 0 
##$RunId= 0 
##$SF= 0 
##$SFO1= 0 
##$SPType= 0 
##$SW= 0 
##$SW_p= 100 
##$SampId= 0 
##$Sens1= 100 
##$Sens2= 0 
##$Skim1= 20 
##$SumShot= 0 
##$Sync= 1 
##$TD= 21424 
##$TIB= 5 
##$TLft= 0 
##$TLftCor= 0 
##$TLift= 0 
##$TPLMS= 0 
##$TargId= 0 
##$TgCount= 0 
##$Trans= 100 
##$Trap= 45 
##$UDeflL= 0 
##$UGrid= 0 
##$UIS2BND= no 
##$ULensR= 0 
##$UPAcc= 0 
##$URepel= 9000 
##$Udefl= 0 
##$UdetL= 2.718 
##$UdetR= 0 
##$Uhim= 0 
##$Uhimass= 0 
##$Uis1= 20 
##$Uis2= 18.15 
##$Ulens= 6 
##$Uref_is= 0 
##$Urefl= 0 
##$XLens= -50 
##$YMAX_a= 18297 
##$YMIN_a= -2147483648 
##$ACQMETH= <D:\Methods\flexControlMethods\MBT_FC.par> 
##$AQ_DATE= <2019-12-12T10:32:55.520+11:00> 
##$AUNM= <> 
##$AXMeth= <MBT_AutoX_smart> 
##$CALME= (0..15) 
0 0 0 0 0 0 0 0 
0 0 0 0 0 0 0 0 
##$CALMR= (0..15) 
0 0 0 0 0 0 0 0 
0 0 0 0 0 0 0 0 
##$CALNAM1= <> 
##$CALNAM2= <> 
##$CALNAM3= <> 
##$CALNAM4= <> 
##$CALNAM5= <> 
##$CALNAM6= <> 
##$CALNAM7= <> 
##$CHIPNO= <0> 
##$CMT1= <> 
##$CMT2= <> 
##$CMT3= <> 
##$CMT4= <> 
##$CalStar= <<?xml version="1.0" encoding="ISO-8859-1"?><cs version="1.0"><ca>ReferenceMassAssignement</ca><cm>Quadratic</cm><cd>2019-12-11T13:14:14.000+00:00</cd><cr>OK</cr><pn>flexControl</pn><pv>3.4.135.12</pv><un>BDAL@DE</un><rsid>2B386CF3-6F18-4FF7-B435-6D8AF3E1AF85</rsid><mcl>MBT_Standard</mcl><cocp>8</cocp><devb>153.0994311213894</devb><deca>128.6548410575299</deca><acs><ac><rv>26319.2995763953</rv><mb>3636.639158079175</mb><ma>3636.962024055972</ma><cm>3637.8</cm><cn>RL29 [M+2H]2+</cn><me>230.3523954116733</me><tol>0</tol></ac><ac><rv>31070.62470204659</rv><mb>5096.80961266635</mb><ma>5097.34387430476</ma><cm>5096.8</cm><cn>RS32 [M+H]+</cn><me>106.7089751922404</me><tol>0</tol></ac><ac><rv>31912.94504867191</rv><mb>5381.460613952268</mb><ma>5382.028263262189</ma><cm>5381.4</cm><cn>RS34 [M+H]+</cn><me>116.7471777213454</me><tol>0</tol></ac><ac><rv>34367.7719127485</rv><mb>6255.399999999999</mb><ma>6256.053919845928</ma><cm>6255.4</cm><cn>RS33meth [M+H]+</cn><me>104.5368555054213</me><tol>0</tol></ac><ac><rv>37020.07847375557</rv><mb>7273.961628712558</mb><ma>7274.685313216313</ma><cm>7274.5</cm><cn>RL29 [M+H]+</cn><me>25.47435786834303</me><tol>0</tol></ac><ac><rv>43945.27758006904</rv><mb>10298.05920056301</mb><ma>10298.80065697407</ma><cm>10300.1</cm><cn>RS19 [M+H]+</cn><me>126.1485835993925</me><tol>0</tol></ac><ac><rv>50562.65716387736</rv><mb>13681.72568018049</mb><ma>13682.17116773207</ma><cm>13683.2</cm><cn>RNAse A [M+H]+</cn><me>75.18944895431244</me><tol>0</tol></ac><ac><rv>56211.9458208172</rv><mb>16953.58812011985</mb><ma>16953.45496387941</ma><cm>16952.3</cm><cn>Myoglobin [M+H]+</cn><me>68.13021710384308</me><tol>0</tol></ac></acs></cs>> 
##$D= (0..31) 
0 0 0 0 0 0 0 0 
0 0 0 0 0 0 0 0 
0 0 0 0 0 0 0 0 
0 0 0 0 0 0 0 0 
##$DOMNAME= <> 
##$FAMeth= <> 
##$FASTCal= <> 
##$FCVer= <flexControl 3.4.135.12> 
##$GEOFILE= <> 
##$Gelcode= <> 
##$HPCStr= <> 
##$HPCal= (0..31) 
0 0 0 0 0 0 0 0 
0 0 0 0 0 0 0 0 
0 0 0 0 0 0 0 0 
0 0 0 0 0 0 0 0 
##$ID_raw= <52ebbe75-53f3-4e54-9b27-100355e44535> 
##$IN= (0..31) 
0.001 0.001 0.001 0.001 0.001 0.001 0.001 0.001 
0.001 0.001 0.001 0.001 0.001 0.001 0.001 0.001 
0.001 0.001 0.001 0.001 0.001 0.001 0.001 0.001 
0.001 0.001 0.001 0.001 0.001 0.001 0.001 0.001 
##$INSTRUM= <FLEX-PC> 
##$InstrID= <8269944.03923> 
##$LIFTC= (0..2) 
0 0 0 
##$MOTPOS= <(-53535.0,-21435.0)> 
##$Mctrlst= <> 
##$NTBCal= <V3.0CCalibrator 1 1 0 0 -2147483648 2147483647  V1.0CHPCData  Order 0 vCoeff V1.0VectorDouble 0  c2 0 c0 0 minMass 0 maxMass 0 bUse 0 endCHPCData V3.0CTOFCalibrationConstants 19634 2 417.06883380693762 5399308.4313256489 -0.014168713820693077 2 V3.0CTOFCalibrationConstants 19634 2 417.06883380693762 5399308.4313256489 -0.014168713820693077 2  > 
##$NTBCalr= <V3.0CCalibrator 1 1 0 0 -2147483648 2147483647  V1.0CHPCData  Order 0 vCoeff V1.0VectorDouble 0  c2 0 c0 0 minMass 0 maxMass 0 bUse 0 endCHPCData V3.0CTOFCalibrationConstants 19634 2 417.06883380693762 5399308.4313256489 -0.014168713820693077 2 V3.0CTOFCalibrationConstants 19634 2 417.06883380693762 5399308.4313256489 -0.014168713820693077 2  > 
##$OS9PATH= <> 
##$OpId= <BDAL@DE> 
##$P= (0..31) 
0 0 0 0 0 0 0 0 
0 0 0 0 0 0 0 0 
0 0 0 0 0 0 0 0 
0 0 0 0 0 0 0 0 
##$PARNM= <> 
##$PATCHNO= <E3> 
##$PATH= <D:\data\MaldiBiotyperRealTimeClassification\28a587da-0d8c-4232-bc0e-4690f8bc362c\4c8e65fa-8462-4ba9-856a-d4c003dd24ca\0_E3\1\1SLin> 
##$PDELAY= (0..3) 
10 10 10 10 
##$PDURA= (0..3) 
10 10 10 10 
##$PEPURL= <> 
##$PLMSC= (0..2) 
0 0 0 
##$PULPROG= <> 
##$PostPr= <> 
##$QS= (0..7) 
83 83 83 83 83 83 83 83 
##$RUNNM= <> 
##$SMOPTS= (0..15) 
0 0 0 0 0 0 0 0 
0 0 0 0 0 0 0 0 
##$SPOTNO= <E3> 
##$TgIDS= <G_59B48479_AC3B_4BDA_A03A109744F1BDAA> 
##$TgSer= <> 
##$TgTyp= <> 
##$VDLIST= <DDDDDDDDDDDDDDD> 
##$VOLTNM= <> 
##$WEND= (0..3) 
30000 30000 30000 30000 
##$WINY= (0..3) 
3 3 3 3 
##$WSTART= (0..3) 
0 0 0 0 
##$Warplc1= <> 
##$Warplc2= <> 
##$XACQVS= <3.0> 
##$Xml1= <> 
##END=

